GEM
  remote: https://rubygems.org/
  specs:
    addressable (2.5.0)
      public_suffix (~> 2.0, >= 2.0.2)
    claide (1.0.1)
    claide-plugins (0.9.2)
      cork
      nap
      open4 (~> 1.3)
    colored (1.2)
    colored2 (3.1.2)
    cork (0.2.0)
      colored (~> 1.2)
    danger (4.2.2)
      claide (~> 1.0)
      claide-plugins (>= 0.9.2)
      colored2 (~> 3.1)
      cork (~> 0.1)
      faraday (~> 0.9)
      faraday-http-cache (~> 1.0)
      git (~> 1)
      kramdown (~> 1.5)
      octokit (~> 4.2)
      terminal-table (~> 1)
    danger-changelog (0.2.1)
      danger-plugin-api (~> 1.0)
    danger-commit_lint (0.0.5)
      danger (~> 4.0)
    danger-junit (0.7.3)
      danger (> 2.0)
      ox (~> 2.0)
    danger-mention (0.6.0)
      danger (>= 2.0.0)
    danger-plugin-api (1.0.0)
      danger (> 2.0)
    danger-prose (2.0.3)
      danger
    faraday (0.11.0)
      multipart-post (>= 1.2, < 3)
    faraday-http-cache (1.3.1)
      faraday (~> 0.8)
    git (1.3.0)
    kramdown (1.13.2)
    multipart-post (2.0.0)
    nap (1.1.0)
    octokit (4.6.2)
      sawyer (~> 0.8.0, >= 0.5.3)
    open4 (1.3.4)
    ox (2.4.9)
    public_suffix (2.0.5)
    sawyer (0.8.1)
      addressable (>= 2.3.5, < 2.6)
      faraday (~> 0.8, < 1.0)
    terminal-table (1.7.3)
      unicode-display_width (~> 1.1.1)
    unicode-display_width (1.1.3)

PLATFORMS
  ruby

DEPENDENCIES
  danger!
  danger-changelog!
  danger-commit_lint!
  danger-junit!
  danger-mention!
  danger-prose!

BUNDLED WITH
   1.14.4
